GIT
  remote: git@github.com:effata/jets3t-rb.git
  revision: effcd8d068d5256208213383d964d6992caeee91
  specs:
    jets3t-rb (1.0.2)

GEM
  remote: http://rubygems.org/
  specs:
    diff-lcs (1.1.2)
    rspec (2.5.0)
      rspec-core (~> 2.5.0)
      rspec-expectations (~> 2.5.0)
      rspec-mocks (~> 2.5.0)
    rspec-core (2.5.1)
    rspec-expectations (2.5.0)
      diff-lcs (~> 1.1.2)
    rspec-mocks (2.5.0)

PLATFORMS
  java
  ruby

DEPENDENCIES
  jets3t-rb!
  rspec
