GIT
  remote: git://github.com/gaiottino/jets3t-rb.git
  revision: f7c77fa1d393bb3ebaf42d4d871071d3e9652328
  specs:
    jets3t-rb (1.0.0)

GEM
  remote: http://rubygems.org/
  specs:
    diff-lcs (1.1.2)
    rspec (2.5.0)
      rspec-core (~> 2.5.0)
      rspec-expectations (~> 2.5.0)
      rspec-mocks (~> 2.5.0)
    rspec-core (2.5.1)
    rspec-expectations (2.5.0)
      diff-lcs (~> 1.1.2)
    rspec-mocks (2.5.0)

PLATFORMS
  java

DEPENDENCIES
  jets3t-rb!
  rspec
